GIT
  remote: git://github.com/rubyworks/yard-tomdoc
  revision: e4b09dcd574718bda91d0f956b4dd83246bda273
  specs:
    yard-tomdoc (0.7.1)
      tomparse (>= 0.4.0)
      yard

PATH
  remote: .
  specs:
    hyperclient (0.4.0)
      faraday (~> 0.8)
      faraday_middleware (~> 0.9)
      futuroscope (>= 0.0.10)
      net-http-digest_auth (~> 1.2)
      uri_template (~> 0.5)

GEM
  remote: https://rubygems.org/
  specs:
    addressable (2.3.4)
    ansi (1.4.3)
    coderay (1.0.9)
    colorize (0.5.8)
    crack (0.3.2)
    faraday (0.8.9)
      multipart-post (~> 1.2.0)
    faraday_middleware (0.9.0)
      faraday (>= 0.7.4, < 0.9)
    ffi (1.8.1)
    formatador (0.2.4)
    futuroscope (0.1.6)
    gherkin-ruby (0.3.0)
    growl (1.0.3)
    guard (1.8.0)
      formatador (>= 0.2.4)
      listen (>= 1.0.0)
      lumberjack (>= 1.0.2)
      pry (>= 0.9.10)
      thor (>= 0.14.6)
    guard-minitest (0.5.0)
      guard (>= 0.4)
    guard-spinach (0.0.2)
      guard (>= 1.1)
      spinach
    listen (1.0.3)
      rb-fsevent (>= 0.9.3)
      rb-inotify (>= 0.9)
      rb-kqueue (>= 0.2)
    lumberjack (1.0.3)
    metaclass (0.0.1)
    method_source (0.8.1)
    minitest (3.4.0)
    mocha (0.13.3)
      metaclass (~> 0.0.1)
    multi_json (1.7.2)
    multipart-post (1.2.0)
    net-http-digest_auth (1.4)
    pry (0.9.12.1)
      coderay (~> 1.0.5)
      method_source (~> 0.8)
      slop (~> 3.4)
    rack (1.5.2)
    rack-test (0.6.2)
      rack (>= 1.0)
    rake (10.0.4)
    rb-fsevent (0.9.3)
    rb-inotify (0.9.0)
      ffi (>= 0.5.0)
    rb-kqueue (0.2.0)
      ffi (>= 0.5.0)
    redcarpet (2.2.2)
    simplecov (0.7.1)
      multi_json (~> 1.0)
      simplecov-html (~> 0.7.1)
    simplecov-html (0.7.1)
    slop (3.4.4)
    spinach (0.8.2)
      colorize (= 0.5.8)
      gherkin-ruby (~> 0.3.0)
    thor (0.18.1)
    tomparse (0.4.2)
    turn (0.9.6)
      ansi
    uri_template (0.7.0)
    webmock (1.11.0)
      addressable (>= 2.2.7)
      crack (>= 0.3.2)
    yard (0.8.6.1)

PLATFORMS
  ruby

DEPENDENCIES
  growl
  guard
  guard-minitest
  guard-spinach
  hyperclient!
  minitest (~> 3.4.0)
  mocha (~> 0.13)
  pry
  rack-test (~> 0.6)
  rake
  redcarpet
  simplecov
  spinach
  turn (~> 0.9)
  webmock (~> 1.8)
  yard (~> 0.8)
  yard-tomdoc!
