GIT
  remote: https://github.com/berkshelf/berkshelf-api.git
  revision: 9fb3d95779c4ff72b0074072105caaf70b978bf0
  ref: 9fb3d95779c4ff72b0074072105caaf70b978bf0
  specs:
    berkshelf-api (3.0.0)
      archive (= 0.0.6)
      buff-config (>= 1.0, < 3.0)
      celluloid (~> 0.16)
      celluloid-io (~> 0.16)
      grape (~> 0.14)
      grape-msgpack (~> 0.1)
      hashie (>= 2.0.4, < 4.0.0)
      octokit (>= 3.0.0, < 5.0.0)
      reel (~> 0.6.0)
      ridley (>= 4.0, < 6.0)
      semverse (>= 1.0, < 3.0)
      varia_model (~> 0.4)

PATH
  remote: .
  specs:
    berkshelf (5.2.0)
      addressable (~> 2.3, >= 2.3.4)
      berkshelf-api-client (>= 2.0.2, < 4.0)
      buff-config (~> 2.0)
      buff-extensions (~> 2.0)
      buff-shell_out (~> 1.0)
      cleanroom (~> 1.0)
      faraday (~> 0.9)
      httpclient (~> 2.7)
      minitar (~> 0.5, >= 0.5.4)
      mixlib-archive (~> 0.1)
      octokit (~> 4.0)
      retryable (~> 2.0)
      ridley (~> 5.0)
      solve (> 2.0, < 4.0)
      thor (~> 0.19)

GEM
  remote: https://rubygems.org/
  specs:
    activesupport (4.2.7.1)
      i18n (~> 0.7)
      json (~> 1.7, >= 1.7.7)
      minitest (~> 5.1)
      thread_safe (~> 0.3, >= 0.3.4)
      tzinfo (~> 1.1)
    addressable (2.4.0)
    archive (0.0.6)
      ffi (~> 1.9.3)
    artifactory (2.5.0)
    aruba (0.14.2)
      childprocess (~> 0.5.6)
      contracts (~> 0.9)
      cucumber (>= 1.3.19)
      ffi (~> 1.9.10)
      rspec-expectations (>= 2.99)
      thor (~> 0.19)
    ast (2.3.0)
    axiom-types (0.1.1)
      descendants_tracker (~> 0.0.4)
      ice_nine (~> 0.11.0)
      thread_safe (~> 0.3, >= 0.3.1)
    berkshelf-api-client (3.0.0)
      faraday (~> 0.9)
      httpclient (~> 2.7)
      ridley (>= 4.5, < 6.0)
    buff-config (2.0.0)
      buff-extensions (~> 2.0)
      varia_model (~> 0.6)
    buff-extensions (2.0.0)
    buff-ignore (1.2.0)
    buff-ruby_engine (1.0.0)
    buff-shell_out (1.1.0)
      buff-ruby_engine (~> 1.0)
    builder (3.2.2)
    celluloid (0.16.0)
      timers (~> 4.0.0)
    celluloid-io (0.16.2)
      celluloid (>= 0.16.0)
      nio4r (>= 1.1.0)
    chef-config (12.15.19)
      addressable
      fuzzyurl
      mixlib-config (~> 2.0)
      mixlib-shellout (~> 2.0)
    chef-zero (5.1.0)
      ffi-yajl (~> 2.2)
      hashie (>= 2.0, < 4.0)
      mixlib-log (~> 1.3)
      rack (~> 2.0)
      uuidtools (~> 2.1)
    childprocess (0.5.9)
      ffi (~> 1.0, >= 1.0.11)
    cleanroom (1.0.0)
    coderay (1.1.1)
    coercible (1.0.0)
      descendants_tracker (~> 0.0.1)
    colorize (0.8.1)
    contracts (0.14.0)
    coolline (0.5.0)
      unicode_utils (~> 1.4)
    crack (0.4.3)
      safe_yaml (~> 1.0.0)
    cucumber (2.4.0)
      builder (>= 2.1.2)
      cucumber-core (~> 1.5.0)
      cucumber-wire (~> 0.0.1)
      diff-lcs (>= 1.1.3)
      gherkin (~> 4.0)
      multi_json (>= 1.7.5, < 2.0)
      multi_test (>= 0.1.2)
    cucumber-core (1.5.0)
      gherkin (~> 4.0)
    cucumber-wire (0.0.1)
    dep-selector-libgecode (1.3.1)
    dep_selector (1.0.4)
      dep-selector-libgecode (~> 1.0)
      ffi (~> 1.9)
    descendants_tracker (0.0.4)
      thread_safe (~> 0.3, >= 0.3.1)
    diff-lcs (1.2.5)
    domain_name (0.5.20161021)
      unf (>= 0.0.5, < 1.0.0)
    equalizer (0.0.11)
    erubis (2.7.0)
    faraday (0.9.2)
      multipart-post (>= 1.2, < 3)
    ffi (1.9.14)
    ffi-yajl (2.3.0)
      libyajl2 (~> 1.2)
    formatador (0.2.5)
    fuubar (2.2.0)
      rspec-core (~> 3.0)
      ruby-progressbar (~> 1.4)
    fuzzyurl (0.9.0)
    gherkin (4.0.0)
    github_api (0.14.5)
      addressable (~> 2.4.0)
      descendants_tracker (~> 0.0.4)
      faraday (~> 0.8, < 0.10)
      hashie (>= 3.4)
      oauth2 (~> 1.0)
    github_changelog_generator (1.11.3)
      bundler (>= 1.7)
      colorize (~> 0.7)
      github_api (~> 0.12)
      overcommit (>= 0.31)
      rake (>= 10.0)
      rspec (>= 3.2)
      rubocop (>= 0.31)
    grape (0.18.0)
      activesupport
      builder
      hashie (>= 2.1.0)
      multi_json (>= 1.3.2)
      multi_xml (>= 0.5.2)
      mustermann-grape (~> 0.4.0)
      rack (>= 1.3.0)
      rack-accept
      virtus (>= 1.0.0)
    grape-msgpack (0.2.0)
      grape (>= 0.16.1)
      msgpack (>= 0.7.4)
    growl (1.0.3)
    guard (2.14.0)
      formatador (>= 0.2.4)
      listen (>= 2.7, < 4.0)
      lumberjack (~> 1.0)
      nenv (~> 0.1)
      notiffany (~> 0.0)
      pry (>= 0.9.12)
      shellany (~> 0.0)
      thor (>= 0.18.1)
    guard-compat (1.2.1)
    guard-cucumber (2.1.2)
      cucumber (~> 2.0)
      guard-compat (~> 1.0)
      nenv (~> 0.1)
    guard-rspec (4.7.3)
      guard (~> 2.1)
      guard-compat (~> 1.1)
      rspec (>= 2.99.0, < 4.0)
    guard-spork (2.1.0)
      childprocess (>= 0.2.3)
      guard (~> 2.0)
      guard-compat (~> 1.0)
      spork (>= 0.8.4)
    hashdiff (0.3.0)
    hashie (3.4.6)
    hitimes (1.2.4)
    http (2.0.3)
      addressable (~> 2.3)
      http-cookie (~> 1.0)
      http-form_data (~> 1.0.1)
      http_parser.rb (~> 0.6.0)
    http-cookie (1.0.3)
      domain_name (~> 0.5)
    http-form_data (1.0.1)
    http_parser.rb (0.6.0)
    httpclient (2.8.2.4)
    i18n (0.7.0)
    ice_nine (0.11.2)
    iniparse (1.4.2)
    json (1.8.3)
    jwt (1.5.6)
    libyajl2 (1.2.0)
    listen (3.1.5)
      rb-fsevent (~> 0.9, >= 0.9.4)
      rb-inotify (~> 0.9, >= 0.9.7)
      ruby_dep (~> 1.2)
    lumberjack (1.0.10)
    method_source (0.8.2)
    minitar (0.5.4)
    minitest (5.9.1)
    mixlib-archive (0.2.0)
      mixlib-log
    mixlib-authentication (1.4.1)
      mixlib-log
    mixlib-config (2.2.4)
    mixlib-install (2.1.6)
      artifactory
      mixlib-shellout
      mixlib-versioning
      thor
    mixlib-log (1.7.1)
    mixlib-shellout (2.2.7)
    mixlib-versioning (1.1.0)
    molinillo (0.5.3)
    msgpack (1.0.2)
    multi_json (1.12.1)
    multi_test (0.1.2)
    multi_xml (0.5.5)
    multipart-post (2.0.0)
    mustermann (0.4.0)
      tool (~> 0.2)
    mustermann-grape (0.4.0)
      mustermann (= 0.4.0)
    nenv (0.3.0)
    net-scp (1.2.1)
      net-ssh (>= 2.6.5)
    net-ssh (3.2.0)
    net-ssh-gateway (1.2.0)
      net-ssh (>= 2.6.5)
    nio4r (1.2.1)
    notiffany (0.1.1)
      nenv (~> 0.1)
      shellany (~> 0.0)
    oauth2 (1.2.0)
      faraday (>= 0.8, < 0.10)
      jwt (~> 1.0)
      multi_json (~> 1.3)
      multi_xml (~> 0.5)
      rack (>= 1.2, < 3)
    octokit (4.4.1)
      sawyer (~> 0.7.0, >= 0.5.3)
    overcommit (0.37.0)
      childprocess (~> 0.5.8)
      iniparse (~> 1.4)
    parser (2.3.1.4)
      ast (~> 2.2)
    powerpack (0.1.1)
    pry (0.10.4)
      coderay (~> 1.1.0)
      method_source (~> 0.8.1)
      slop (~> 3.4)
    rack (2.0.1)
    rack-accept (0.4.5)
      rack (>= 0.4)
    rainbow (2.1.0)
    rake (11.3.0)
    rb-fsevent (0.9.8)
    rb-inotify (0.9.7)
      ffi (>= 0.5.0)
    reel (0.6.1)
      celluloid (>= 0.15.1)
      celluloid-io (>= 0.15.0)
      http (>= 0.6.0.pre)
      http_parser.rb (>= 0.6.0)
      websocket-driver (>= 0.5.1)
    retryable (2.0.4)
    ridley (5.1.0)
      addressable
      buff-config (~> 2.0)
      buff-extensions (~> 2.0)
      buff-ignore (~> 1.2)
      buff-shell_out (~> 1.0)
      celluloid (~> 0.16.0)
      celluloid-io (~> 0.16.1)
      chef-config (>= 12.5.0)
      erubis
      faraday (~> 0.9.0)
      hashie (>= 2.0.2, < 4.0.0)
      httpclient (~> 2.7)
      json (>= 1.7.7)
      mixlib-authentication (>= 1.3.0)
      retryable (~> 2.0)
      semverse (~> 2.0)
      varia_model (~> 0.6)
    rspec (3.5.0)
      rspec-core (~> 3.5.0)
      rspec-expectations (~> 3.5.0)
      rspec-mocks (~> 3.5.0)
    rspec-core (3.5.4)
      rspec-support (~> 3.5.0)
    rspec-expectations (3.5.0)
      diff-lcs (>= 1.2.0, < 2.0)
      rspec-support (~> 3.5.0)
    rspec-mocks (3.5.0)
      diff-lcs (>= 1.2.0, < 2.0)
      rspec-support (~> 3.5.0)
    rspec-support (3.5.0)
    rubocop (0.45.0)
      parser (>= 2.3.1.1, < 3.0)
      powerpack (~> 0.1)
      rainbow (>= 1.99.1, < 3.0)
      ruby-progressbar (~> 1.7)
      unicode-display_width (~> 1.0, >= 1.0.1)
    ruby-progressbar (1.8.1)
    ruby_dep (1.5.0)
    safe_yaml (1.0.4)
    sawyer (0.7.0)
      addressable (>= 2.3.5, < 2.5)
      faraday (~> 0.8, < 0.10)
    semverse (2.0.0)
    shellany (0.0.1)
    slop (3.6.0)
    solve (3.0.1)
      molinillo (~> 0.4)
      semverse (>= 1.1, < 3.0)
    spork (0.9.2)
    test-kitchen (1.13.2)
      mixlib-install (>= 1.2, < 3.0)
      mixlib-shellout (>= 1.2, < 3.0)
      net-scp (~> 1.1)
      net-ssh (>= 2.9, < 4.0)
      net-ssh-gateway (~> 1.2.0)
      safe_yaml (~> 1.0)
      thor (~> 0.18)
    thor (0.19.1)
    thread_safe (0.3.5)
    timers (4.0.4)
      hitimes
    tool (0.2.3)
    tzinfo (1.2.2)
      thread_safe (~> 0.1)
    unf (0.1.4)
      unf_ext
    unf_ext (0.0.7.2)
    unicode-display_width (1.1.1)
    unicode_utils (1.4.0)
    uuidtools (2.1.5)
    varia_model (0.6.0)
      buff-extensions (~> 2.0)
      hashie (>= 2.0.2, < 4.0.0)
    virtus (1.0.5)
      axiom-types (~> 0.1)
      coercible (~> 1.0)
      descendants_tracker (~> 0.0, >= 0.0.3)
      equalizer (~> 0.0, >= 0.0.9)
    webmock (2.1.0)
      addressable (>= 2.3.6)
      crack (>= 0.3.2)
      hashdiff
    websocket-driver (0.6.4)
      websocket-extensions (>= 0.1.0)
    websocket-extensions (0.1.2)
    yard (0.9.5)

PLATFORMS
  ruby

DEPENDENCIES
  activesupport (~> 4.0)
  aruba (>= 0.10.0)
  berkshelf!
  berkshelf-api!
  chef-zero (>= 4.0)
  coolline
  dep_selector (>= 1.0)
  fuubar (>= 2.0)
  github_changelog_generator (= 1.11.3)
  growl
  guard
  guard-cucumber
  guard-rspec
  guard-spork
  http (>= 0.9.8)
  rake (>= 10.1)
  rb-fsevent
  rspec (>= 3.0)
  spork (>= 0.9)
  test-kitchen (>= 1.2)
  webmock (>= 1.11)
  yard (>= 0.8)

BUNDLED WITH
   1.13.6
